GIT
  remote: git://github.com/ericam/true
  revision: 1b0951399ee787afec64cfd5bc79cd597d41fdf2
  branch: master
  specs:
    true (0.1.5)
      compass (>= 0.12.2)
      sass (>= 3.2.0)

GEM
  remote: http://rubygems.org/
  specs:
    chunky_png (1.2.8)
    compass (0.13.alpha.4)
      chunky_png (~> 1.2)
      listen (<= 0.9.9)
      sass (~> 3.2.5)
    listen (0.7.3)
    rb-fsevent (0.9.3)
    sass (3.2.9)

PLATFORMS
  ruby

DEPENDENCIES
  compass (~> 0.13.alpha.4)
  rb-fsevent (~> 0.9)
  sass (~> 3.2.9)
  true!
