GIT
  remote: git://github.com/chriseppstein/compass.git
  revision: 6f3b30869da77094901a4585968f5eda453c26ec
  branch: master
  specs:
    compass (1.0.0.alpha.17)
      chunky_png (~> 1.2)
      compass-core (~> 1.0.0.alpha.16)
      compass-import-once (~> 1.0.1)
      json
      listen (~> 1.1.0)
      sass (~> 3.3.0.rc.1)
    compass-core (1.0.0.alpha.16)
      multi_json (~> 1.0)
      sass (>= 3.3.rc.1)

GIT
  remote: git://github.com/nex3/sass.git
  revision: 05fc8e2d835296c5abde788c2af7057b06212f32
  branch: master
  specs:
    sass (3.3.0.rc.2)
      listen (~> 1.1.0)

PATH
  remote: ..
  specs:
    susy (2.0.0.beta.3)
      sass (~> 3.3.0.rc.1)

GEM
  remote: http://rubygems.org/
  specs:
    breakpoint (2.4.0)
      compass (~> 1.0.0.alpha.13)
      sass (~> 3.3.0.rc.2)
      sassy-maps (< 1.0.0)
    chunky_png (1.2.9)
    compass-import-once (1.0.2)
    ffi (1.9.3)
    json (1.8.1)
    listen (1.1.6)
      rb-fsevent (>= 0.9.3)
      rb-inotify (>= 0.9)
      rb-kqueue (>= 0.2)
    multi_json (1.8.4)
    rb-fsevent (0.9.4)
    rb-inotify (0.9.3)
      ffi (>= 0.5.0)
    rb-kqueue (0.2.0)
      ffi (>= 0.5.0)
    sassy-maps (0.3.1)
      compass (~> 1.0.0.alpha.13)
      sass (~> 3.3.0.rc.2)
    true (0.2.0.rc.4)
      sass (~> 3.3.0.rc.1)

PLATFORMS
  ruby

DEPENDENCIES
  breakpoint (~> 2.4.0)
  compass!
  sass!
  susy!
  true (~> 0.2.0.rc.4)
