PATH
  remote: ..
  specs:
    susy (2.0.0.alpha.4)
      sass (~> 3.3.0.rc.1)

GEM
  remote: http://rubygems.org/
  specs:
    chunky_png (1.2.9)
    compass (0.13.alpha.10)
      chunky_png (~> 1.2)
      json
      listen (~> 1.1.0)
      sass (~> 3.3.0.rc.1)
    ffi (1.9.3)
    json (1.8.1)
    listen (1.1.6)
      rb-fsevent (>= 0.9.3)
      rb-inotify (>= 0.9)
      rb-kqueue (>= 0.2)
    rb-fsevent (0.9.3)
    rb-inotify (0.9.2)
      ffi (>= 0.5.0)
    rb-kqueue (0.2.0)
      ffi (>= 0.5.0)
    sass (3.3.0.rc.1)
      listen (~> 1.1.0)
    true (0.2.0.rc.4)
      sass (~> 3.3.0.rc.1)

PLATFORMS
  ruby

DEPENDENCIES
  compass (~> 0.13.alpha)
  sass (~> 3.3.0.rc.1)
  susy!
  true (~> 0.2.0.rc.4)
