GIT
  remote: git://github.com/ericam/true
  revision: 1b0951399ee787afec64cfd5bc79cd597d41fdf2
  branch: master
  specs:
    true (0.1.5)
      compass (>= 0.12.2)
      sass (>= 3.2.0)

GEM
  remote: http://rubygems.org/
  specs:
    chunky_png (1.2.8)
    compass (0.13.alpha.7)
      chunky_png (~> 1.2)
      json
      listen (~> 1.1.0)
      sass (~> 3.3.0.rc.1)
    ffi (1.9.0)
    json (1.8.0)
    listen (1.1.6)
      rb-fsevent (>= 0.9.3)
      rb-inotify (>= 0.9)
      rb-kqueue (>= 0.2)
    rb-fsevent (0.9.3)
    rb-inotify (0.9.2)
      ffi (>= 0.5.0)
    rb-kqueue (0.2.0)
      ffi (>= 0.5.0)
    sass (3.3.0.rc.1)
      listen (~> 1.1.0)

PLATFORMS
  ruby

DEPENDENCIES
  compass (~> 0.13.alpha.7)
  rb-fsevent (~> 0.9)
  sass (~> 3.3.0.rc.1)
  true!
